PATH
  remote: .
  specs:
    twitter (0.10.0)
      addressable (~> 2.2.1)
      faraday (~> 0.4.1)
      faraday_middleware (~> 0.1.1)
      simple_oauth (~> 0.1.0)

GEM
  remote: http://rubygems.org/
  specs:
    ZenTest (4.4.0)
    addressable (2.2.1)
    bluecloth (2.0.9)
    fakeweb (1.3.0)
    faraday (0.4.6)
      addressable (>= 2.1.1)
      rack (>= 1.0.1)
    faraday_middleware (0.1.1)
      faraday (~> 0.4.5)
      hashie (~> 0.4.0)
      multi_json (~> 0.0.4)
      multi_xml (~> 0.0.1)
      oauth2 (~> 0.0.13)
      roauth (~> 0.0.3)
    hashie (0.4.0)
    json_pure (1.4.6)
    mocha (0.9.8)
      rake
    multi_json (0.0.4)
    multi_xml (0.0.1)
    oauth2 (0.0.13)
      faraday (~> 0.4.1)
      multi_json (>= 0.0.4)
    rack (1.2.1)
    rake (0.8.7)
    roauth (0.0.3)
    shoulda (2.11.3)
    simple_oauth (0.1.0)
    test-unit (2.1.1)
    yard (0.6.1)

PLATFORMS
  ruby

DEPENDENCIES
  ZenTest (~> 4.4)
  addressable (~> 2.2.1)
  bluecloth (~> 2.0)
  fakeweb (~> 1.3)
  faraday (~> 0.4.1)
  faraday_middleware (~> 0.1.1)
  json_pure (~> 1.4)
  mocha (~> 0.9)
  rake (~> 0.8)
  shoulda (~> 2.11)
  simple_oauth (~> 0.1.0)
  test-unit (~> 2.1)
  twitter!
  yard (~> 0.6)
